GEM
  remote: https://rubygems.org/
  specs:
    samin (0.1.0)

PLATFORMS
  ruby

DEPENDENCIES
  samin

BUNDLED WITH
   1.10.6
